GEM
  remote: http://rubygems.org/
  specs:
    rack (1.2.1)
    sinatra (1.1.3)
      rack (~> 1.1)

PLATFORMS
  ruby

DEPENDENCIES
  bundler
  rack
  sinatra
